GEM
  remote: https://rubygems.org/
  specs:
    backports (3.6.8)
    contest (0.1.3)
    daemons (1.2.3)
    dotenv (2.1.1)
    eventmachine (1.2.0.1)
    multi_json (1.12.1)
    power_assert (0.3.0)
    rack (1.6.4)
    rack-protection (1.5.3)
      rack
    rack-test (0.6.3)
      rack (>= 1.0)
    rack_csrf (2.5.0)
      rack (>= 1.1.0)
    rake (11.2.2)
    sinatra (1.4.7)
      rack (~> 1.5)
      rack-protection (~> 1.4)
      tilt (>= 1.3, < 3)
    sinatra-contrib (1.4.7)
      backports (>= 2.0)
      multi_json
      rack-protection
      rack-test
      sinatra (~> 1.4.0)
      tilt (>= 1.3, < 3)
    sinatra-reloader (1.0)
      sinatra-contrib
    test-unit (3.2.0)
      power_assert
    thin (1.7.0)
      daemons (~> 1.0, >= 1.0.9)
      eventmachine (~> 1.0, >= 1.0.4)
      rack (>= 1, < 3)
    tilt (2.0.5)

PLATFORMS
  ruby

DEPENDENCIES
  contest (~> 0.1.3)
  dotenv (~> 2.1, >= 2.1.1)
  rack_csrf (~> 2.5)
  rake (~> 11.2, >= 11.2.2)
  sinatra (~> 1.4, >= 1.4.7)
  sinatra-reloader (~> 1.0)
  test-unit (~> 3.1, >= 3.1.9)
  thin (~> 1.7)

RUBY VERSION
   ruby 2.3.1p112

BUNDLED WITH
   1.12.5
